PATH
  remote: .
  specs:
    keybase (0.0.0)
      faraday (~> 0.9.0)
      scrypt (~> 1.2.1)

GEM
  remote: https://rubygems.org/
  specs:
    addressable (2.3.5)
    crack (0.4.2)
      safe_yaml (~> 1.0.0)
    faraday (0.9.0)
      multipart-post (>= 1.2, < 3)
    ffi (1.9.3)
    ffi-compiler (0.1.3)
      ffi (>= 1.0.0)
      rake
    minitest (5.3.1)
    multipart-post (2.0.0)
    rake (10.1.1)
    safe_yaml (1.0.1)
    scrypt (1.2.1)
      ffi-compiler (>= 0.0.2)
      rake
    vcr (2.8.0)
    webmock (1.8.11)
      addressable (>= 2.2.7)
      crack (>= 0.1.7)

PLATFORMS
  ruby

DEPENDENCIES
  keybase!
  minitest (~> 5.3.1)
  vcr (~> 2.8.0)
  webmock (~> 1.8.0)
