PATH
  remote: .
  specs:
    keybase (0.0.0)
      scrypt (~> 1.2, >= 1.2.1)

GEM
  remote: https://rubygems.org/
  specs:
    ffi (1.9.3)
    ffi-compiler (0.1.3)
      ffi (>= 1.0.0)
      rake
    rake (10.1.1)
    scrypt (1.2.1)
      ffi-compiler (>= 0.0.2)
      rake

PLATFORMS
  ruby

DEPENDENCIES
  keybase!
